GEM
  remote: https://rubygems.org/
  specs:
    diff-lcs (1.5.1)
    rspec (3.13.0)
      rspec-core (~> 3.13.0)
      rspec-expectations (~> 3.13.0)
      rspec-mocks (~> 3.13.0)
    rspec-core (3.13.0)
      rspec-support (~> 3.13.0)
    rspec-expectations (3.13.1)
      diff-lcs (>= 1.2.0, < 2.0)
      rspec-support (~> 3.13.0)
    rspec-mocks (3.13.1)
      diff-lcs (>= 1.2.0, < 2.0)
      rspec-support (~> 3.13.0)
    rspec-support (3.13.1)
    yard (0.9.36)
    yard-rspec (0.1)
      yard

PLATFORMS
  ruby
  x86_64-linux

DEPENDENCIES
  rspec (~> 3.13)
  yard (~> 0.9.36)
  yard-rspec (~> 0.1)

BUNDLED WITH
   2.5.9
